GEM
  remote: http://rubygems.org/
  specs:
    activemodel (3.1.0)
      activesupport (= 3.1.0)
      bcrypt-ruby (~> 3.0.0)
      builder (~> 3.0.0)
      i18n (~> 0.6)
    activesupport (3.1.0)
      multi_json (~> 1.0)
    bcrypt-ruby (3.0.0)
    bowtie (0.4.6)
      sinatra (>= 0.9.4)
    bson (1.3.1)
    bson_ext (1.3.1)
    builder (3.0.0)
    i18n (0.6.0)
    mongo (1.3.1)
      bson (>= 1.3.1)
    mongo_mapper (0.9.2)
      activemodel (~> 3.0)
      activesupport (~> 3.0)
      plucky (~> 0.3.8)
    multi_json (1.0.3)
    plucky (0.3.8)
      mongo (~> 1.3)
    rack (1.3.2)
    sinatra (1.2.6)
      rack (~> 1.1)
      tilt (< 2.0, >= 1.2.2)
    tilt (1.3.3)

PLATFORMS
  ruby

DEPENDENCIES
  bowtie (= 0.4.6)
  bson (= 1.3.1)
  bson_ext (= 1.3.1)
  mongo_mapper (= 0.9.2)
  rack (= 1.3.2)
  sinatra (= 1.2.6)
